GEM
  remote: https://rubygems.org/
  specs:
    byebug (10.0.2)
    minitest (5.4.0)

PLATFORMS
  ruby

DEPENDENCIES
  byebug
  minitest (~> 5.4)

BUNDLED WITH
   1.16.5
